GEM
  remote: https://rubygems.org/
  specs:
    connection_pool (2.3.0)
    redis (5.0.5)
      redis-client (>= 0.9.0)
    redis-client (0.12.0)
      connection_pool

PLATFORMS
  x86_64-linux

DEPENDENCIES
  redis (~> 5.0, >= 5.0.5)

BUNDLED WITH
   2.3.24
